GEM
  remote: https://rubygems.org/
  specs:
    activesupport (4.2.10)
      i18n (~> 0.7)
      minitest (~> 5.1)
      thread_safe (~> 0.3, >= 0.3.4)
      tzinfo (~> 1.1)
    amazon-kinesis-client-ruby (1.0.1)
      activesupport (~> 4.1)
      aws-kclrb (~> 1.0.0)
    aws-kclrb (1.0.1)
      multi_json (~> 1.0)
    aws-sdk (2.10.90)
      aws-sdk-resources (= 2.10.90)
    aws-sdk-core (2.10.90)
      aws-sigv4 (~> 1.0)
      jmespath (~> 1.0)
    aws-sdk-resources (2.10.90)
      aws-sdk-core (= 2.10.90)
    aws-sigv4 (1.0.2)
    coderay (1.1.2)
    concurrent-ruby (1.0.5)
    diff-lcs (1.3)
    i18n (0.9.1)
      concurrent-ruby (~> 1.0)
    jmespath (1.3.1)
    method_source (0.9.0)
    minitest (5.10.3)
    multi_json (1.12.2)
    pry (0.11.3)
      coderay (~> 1.1.0)
      method_source (~> 0.9.0)
    rspec (3.7.0)
      rspec-core (~> 3.7.0)
      rspec-expectations (~> 3.7.0)
      rspec-mocks (~> 3.7.0)
    rspec-core (3.7.0)
      rspec-support (~> 3.7.0)
    rspec-expectations (3.7.0)
      diff-lcs (>= 1.2.0, < 2.0)
      rspec-support (~> 3.7.0)
    rspec-mocks (3.7.0)
      diff-lcs (>= 1.2.0, < 2.0)
      rspec-support (~> 3.7.0)
    rspec-support (3.7.0)
    thread_safe (0.3.6)
    tzinfo (1.2.4)
      thread_safe (~> 0.1)

PLATFORMS
  ruby

DEPENDENCIES
  amazon-kinesis-client-ruby (~> 1.0, >= 1.0.1)
  aws-sdk (~> 2.5, >= 2.5.5)
  pry
  rspec

BUNDLED WITH
   1.16.0
